{
	"Modality": "MR",
	"MagneticFieldStrength": 3,
	"Manufacturer": "Philips",
	"ManufacturersModelName": "Ingenia",
	"InstitutionName": "IATM",
	"InstitutionalDepartmentName": "LA_80",
	"DeviceSerialNumber": "42239",
	"StationName": "PHILIPS-46CDD91",
	"BodyPartExamined": "BRAIN",
	"PatientPosition": "HFS",
	"ProcedureStepDescription": "RESONANCIA_MAGNETICA_CEREBRAL_FUNCIONAL",
	"SoftwareVersions": "4.1.3_4.1.3.3",
	"MRAcquisitionType": "2D",
	"SeriesDescription": "REST_300DIN",
	"ProtocolName": "REST_300DIN_SENSE",
	"ScanningSequence": "GR",
	"SequenceVariant": "SK",
	"ScanOptions": "FS",
	"ImageType": ["ORIGINAL", "PRIMARY", "M", "FFE", "M", "FFE"],
	"SeriesNumber": 401,
	"AcquisitionTime": "16:03:40.640000",
	"AcquisitionNumber": 4,
	"PhilipsRescaleSlope": 2.77118,
	"PhilipsRescaleIntercept": 0,
	"PhilipsScaleSlope": 0.0210492,
	"UsePhilipsFloatNotDisplayScaling": 1,
	"SliceThickness": 3,
	"SpacingBetweenSlices": 3.3,
	"SAR": 0.105202,
	"EchoTime": 0.03,
	"RepetitionTime": 2,
	"FlipAngle": 70,
	"PercentPhaseFOV": 100,
	"EchoTrainLength": 39,
	"PhaseEncodingSteps": 72,
	"AcquisitionMatrixPE": 72,
	"ReconMatrixPE": 112,
	"PixelBandwidth": 2115,
	"PhaseEncodingAxis": "j",
	"ImageOrientationPatientDICOM": [
		0.999416,
		-0.0237517,
		0.0245639,
		0.0233224,
		0.999573,
		0.0176184	],
	"InPlanePhaseEncodingDirectionDICOM": "COL",
	"ConversionSoftware": "dcm2niix",
	"ConversionSoftwareVersion": "v1.0.20180622 (JP2:OpenJPEG) (JP-LS:CharLS) GCC5.5.0"
}
