{
	"Modality": "MR",
	"MagneticFieldStrength": 3,
	"Manufacturer": "Philips",
	"ManufacturersModelName": "Ingenia",
	"InstitutionName": "IATM",
	"InstitutionalDepartmentName": "LA_80",
	"DeviceSerialNumber": "42239",
	"StationName": "PHILIPS-46CDD91",
	"BodyPartExamined": "BRAIN",
	"PatientPosition": "HFS",
	"ProcedureStepDescription": "RESONANCIA_MAGNETICA_CEREBRAL_FUNCIONAL",
	"SoftwareVersions": "4.1.3_4.1.3.3",
	"MRAcquisitionType": "3D",
	"SeriesDescription": "T1_VOL_SAG",
	"ProtocolName": "T1_VOL_SAG_SENSE",
	"ScanningSequence": "GR",
	"SequenceVariant": "MP",
	"ScanOptions": "OTHER",
	"ImageType": ["ORIGINAL", "PRIMARY", "M", "FFE", "M", "FFE"],
	"SeriesNumber": 301,
	"AcquisitionTime": "10:30:41.080000",
	"AcquisitionNumber": 3,
	"PhilipsRescaleSlope": 3.07546,
	"PhilipsRescaleIntercept": 0,
	"PhilipsScaleSlope": 0.0104879,
	"UsePhilipsFloatNotDisplayScaling": 1,
	"SliceThickness": 1,
	"SpacingBetweenSlices": 1,
	"SAR": 0.0231594,
	"EchoTime": 0.003606,
	"RepetitionTime": 0.0078382,
	"FlipAngle": 8,
	"PercentPhaseFOV": 93.75,
	"EchoTrainLength": 123,
	"PhaseEncodingSteps": 256,
	"AcquisitionMatrixPE": 256,
	"ReconMatrixPE": 256,
	"PixelBandwidth": 191,
	"ImageOrientationPatientDICOM": [
		0.0146602,
		0.993755,
		0.110621,
		-0.0310148,
		0.111031,
		-0.993333	],
	"InPlanePhaseEncodingDirectionDICOM": "ROW",
	"ConversionSoftware": "dcm2niix",
	"ConversionSoftwareVersion": "v1.0.20180622 (JP2:OpenJPEG) (JP-LS:CharLS) GCC5.5.0"
}
