{
	"Modality": "MR",
	"MagneticFieldStrength": 3,
	"Manufacturer": "Philips",
	"ManufacturersModelName": "Ingenia",
	"InstitutionName": "San_Vicente_Fundacion",
	"InstitutionalDepartmentName": "Imagenologia",
	"DeviceSerialNumber": "42042",
	"StationName": "RM_3T_RN",
	"BodyPartExamined": "BRAIN",
	"PatientPosition": "HFS",
	"ProcedureStepDescription": "RESONANCIA_MAGNETICA_DE_CEREBRO",
	"SoftwareVersions": "5.3.1_5.3.1.4",
	"MRAcquisitionType": "3D",
	"SeriesDescription": "T1_VOL_SAG",
	"ProtocolName": "WIP_T1_VOL_SAG",
	"ScanningSequence": "GR",
	"SequenceVariant": "MP",
	"ScanOptions": "OTHER",
	"ImageType": ["ORIGINAL", "PRIMARY", "M", "FFE", "M", "FFE"],
	"SeriesNumber": 601,
	"AcquisitionTime": "14:35:25.530000",
	"AcquisitionNumber": 6,
	"PhilipsRescaleSlope": 6.8381,
	"PhilipsRescaleIntercept": 0,
	"PhilipsScaleSlope": 0.00371176,
	"UsePhilipsFloatNotDisplayScaling": 1,
	"SliceThickness": 1,
	"SpacingBetweenSlices": 1,
	"SAR": 0.209458,
	"EchoTime": 0.003571,
	"RepetitionTime": 0.007812,
	"FlipAngle": 8,
	"PercentPhaseFOV": 98.6111,
	"EchoTrainLength": 123,
	"PhaseEncodingSteps": 249,
	"AcquisitionMatrixPE": 249,
	"ReconMatrixPE": 288,
	"PixelBandwidth": 191,
	"ImageOrientationPatientDICOM": [
		-0.0539698,
		0.996921,
		-0.0568797,
		-0.0180216,
		-0.0579259,
		-0.998158	],
	"InPlanePhaseEncodingDirectionDICOM": "ROW",
	"ConversionSoftware": "dcm2niix",
	"ConversionSoftwareVersion": "v1.0.20180622 (JP2:OpenJPEG) (JP-LS:CharLS) GCC5.5.0"
}
