{
	"Modality": "MR",
	"MagneticFieldStrength": 3,
	"Manufacturer": "Philips",
	"ManufacturersModelName": "Ingenia",
	"InstitutionName": "Servicios_de_Salud_SVF",
	"InstitutionalDepartmentName": "Imagenologia",
	"DeviceSerialNumber": "42042",
	"StationName": "MR-HSVP-RN",
	"BodyPartExamined": "BRAIN",
	"PatientPosition": "HFS",
	"ProcedureStepDescription": "RM_CRANEO_FUNCIONAL",
	"SoftwareVersions": "5.3.1_5.3.1.3",
	"MRAcquisitionType": "3D",
	"SeriesDescription": "T1_VOL_SAG",
	"ProtocolName": "T1_VOL_SAG",
	"ScanningSequence": "GR",
	"SequenceVariant": "MP",
	"ScanOptions": "OTHER",
	"ImageType": ["ORIGINAL", "PRIMARY", "M", "FFE", "M", "FFE"],
	"SeriesNumber": 201,
	"AcquisitionTime": "09:10:8.320000",
	"AcquisitionNumber": 2,
	"PhilipsRescaleSlope": 6.20611,
	"PhilipsRescaleIntercept": 0,
	"PhilipsScaleSlope": 0.00298397,
	"UsePhilipsFloatNotDisplayScaling": 1,
	"SliceThickness": 1,
	"SpacingBetweenSlices": 1,
	"SAR": 0.0229114,
	"EchoTime": 0.003612,
	"RepetitionTime": 0.0078548,
	"FlipAngle": 8,
	"PercentPhaseFOV": 93.75,
	"EchoTrainLength": 120,
	"PhaseEncodingSteps": 256,
	"AcquisitionMatrixPE": 256,
	"ReconMatrixPE": 256,
	"PixelBandwidth": 191,
	"ImageOrientationPatientDICOM": [
		0.0592179,
		0.98998,
		0.128192,
		0.002817,
		0.128251,
		-0.991738	],
	"InPlanePhaseEncodingDirectionDICOM": "ROW",
	"ConversionSoftware": "dcm2niix",
	"ConversionSoftwareVersion": "v1.0.20180622 (JP2:OpenJPEG) (JP-LS:CharLS) GCC5.5.0"
}
