{
	"Modality": "MR",
	"MagneticFieldStrength": 3,
	"Manufacturer": "Philips",
	"ManufacturersModelName": "Ingenia",
	"InstitutionName": "Servicios_de_Salud_SVF",
	"InstitutionalDepartmentName": "Imagenologia",
	"DeviceSerialNumber": "42042",
	"StationName": "MR-HSVP-RN",
	"BodyPartExamined": "BRAIN",
	"PatientPosition": "HFS",
	"ProcedureStepDescription": "RM_CRANEO_FUNCIONAL",
	"SoftwareVersions": "5.3.1_5.3.1.3",
	"MRAcquisitionType": "3D",
	"SeriesDescription": "T1_VOL_SAG",
	"ProtocolName": "T1_VOL_SAG",
	"ScanningSequence": "GR",
	"SequenceVariant": "MP",
	"ScanOptions": "OTHER",
	"ImageType": ["ORIGINAL", "PRIMARY", "M", "FFE", "M", "FFE"],
	"SeriesNumber": 201,
	"AcquisitionTime": "10:26:45.960000",
	"AcquisitionNumber": 2,
	"PhilipsRescaleSlope": 6.04591,
	"PhilipsRescaleIntercept": 0,
	"PhilipsScaleSlope": 0.00385119,
	"UsePhilipsFloatNotDisplayScaling": 1,
	"SliceThickness": 1,
	"SpacingBetweenSlices": 1,
	"SAR": 0.0231595,
	"EchoTime": 0.003626,
	"RepetitionTime": 0.0079066,
	"FlipAngle": 8,
	"PercentPhaseFOV": 98.6111,
	"EchoTrainLength": 123,
	"PhaseEncodingSteps": 249,
	"AcquisitionMatrixPE": 249,
	"ReconMatrixPE": 288,
	"PixelBandwidth": 191,
	"ImageOrientationPatientDICOM": [
		-0.0927476,
		0.989126,
		0.11414,
		0.0519037,
		0.119281,
		-0.991503	],
	"InPlanePhaseEncodingDirectionDICOM": "ROW",
	"ConversionSoftware": "dcm2niix",
	"ConversionSoftwareVersion": "v1.0.20180622 (JP2:OpenJPEG) (JP-LS:CharLS) GCC5.5.0"
}
