{
	"Modality": "MR",
	"MagneticFieldStrength": 3,
	"Manufacturer": "Philips",
	"ManufacturersModelName": "Ingenia",
	"InstitutionName": "IATM",
	"InstitutionalDepartmentName": "LA_80",
	"DeviceSerialNumber": "42239",
	"StationName": "PHILIPS-46CDD91",
	"BodyPartExamined": "BRAIN",
	"PatientPosition": "HFS",
	"ProcedureStepDescription": "RM_CEREBRAL_FUNCIONAL_SIMPLE",
	"SoftwareVersions": "4.1.3_4.1.3.3",
	"MRAcquisitionType": "2D",
	"SeriesDescription": "REST_300DIN",
	"ProtocolName": "REST_300DIN_SENSE",
	"ScanningSequence": "GR",
	"SequenceVariant": "SK",
	"ScanOptions": "FS",
	"ImageType": ["ORIGINAL", "PRIMARY", "M", "FFE", "M", "FFE"],
	"SeriesNumber": 501,
	"AcquisitionTime": "10:18:21.900000",
	"AcquisitionNumber": 5,
	"PhilipsRescaleSlope": 3.15702,
	"PhilipsRescaleIntercept": 0,
	"PhilipsScaleSlope": 0.0185446,
	"UsePhilipsFloatNotDisplayScaling": 1,
	"SliceThickness": 3,
	"SpacingBetweenSlices": 3.3,
	"SAR": 0.105202,
	"EchoTime": 0.03,
	"RepetitionTime": 2,
	"FlipAngle": 70,
	"PercentPhaseFOV": 100,
	"EchoTrainLength": 39,
	"PhaseEncodingSteps": 72,
	"AcquisitionMatrixPE": 72,
	"ReconMatrixPE": 112,
	"PixelBandwidth": 2114,
	"PhaseEncodingAxis": "j",
	"ImageOrientationPatientDICOM": [
		0.999239,
		-0.0351986,
		0.01683,
		0.0348942,
		0.999228,
		0.0180508	],
	"InPlanePhaseEncodingDirectionDICOM": "COL",
	"ConversionSoftware": "dcm2niix",
	"ConversionSoftwareVersion": "v1.0.20180622 (JP2:OpenJPEG) (JP-LS:CharLS) GCC5.5.0"
}
