{
	"Modality": "MR",
	"MagneticFieldStrength": 3,
	"Manufacturer": "Philips",
	"ManufacturersModelName": "Ingenia",
	"InstitutionName": "Servicios_de_Salud_SVF",
	"InstitutionalDepartmentName": "Imagenologia",
	"DeviceSerialNumber": "42042",
	"StationName": "MR-HSVP-RN",
	"BodyPartExamined": "BRAIN",
	"PatientPosition": "HFS",
	"ProcedureStepDescription": "RM_CRANEO_FUNCIONAL",
	"SoftwareVersions": "5.3.1_5.3.1.3",
	"MRAcquisitionType": "2D",
	"SeriesDescription": "REST_300DIN",
	"ProtocolName": "REST_300DIN",
	"ScanningSequence": "GR",
	"SequenceVariant": "SK",
	"ScanOptions": "FS",
	"ImageType": ["ORIGINAL", "PRIMARY", "M", "FFE", "M", "FFE"],
	"SeriesNumber": 301,
	"AcquisitionTime": "08:52:38.800000",
	"AcquisitionNumber": 3,
	"PhilipsRescaleSlope": 0.814408,
	"PhilipsRescaleIntercept": 0,
	"PhilipsScaleSlope": 0.0469254,
	"UsePhilipsFloatNotDisplayScaling": 1,
	"SliceThickness": 3,
	"SpacingBetweenSlices": 3.3,
	"SAR": 0.105332,
	"EchoTime": 0.03,
	"RepetitionTime": 2,
	"FlipAngle": 70,
	"PercentPhaseFOV": 100,
	"EchoTrainLength": 35,
	"PhaseEncodingSteps": 70,
	"AcquisitionMatrixPE": 70,
	"ReconMatrixPE": 112,
	"PixelBandwidth": 2114,
	"PhaseEncodingAxis": "j",
	"ImageOrientationPatientDICOM": [
		0.998803,
		-0.0340146,
		0.035136,
		0.0338141,
		0.999408,
		0.00628423	],
	"InPlanePhaseEncodingDirectionDICOM": "COL",
	"ConversionSoftware": "dcm2niix",
	"ConversionSoftwareVersion": "v1.0.20180622 (JP2:OpenJPEG) (JP-LS:CharLS) GCC5.5.0"
}
