{
	"Modality": "MR",
	"MagneticFieldStrength": 3,
	"Manufacturer": "Philips",
	"ManufacturersModelName": "Ingenia",
	"InstitutionName": "Servicios_de_Salud_SVF",
	"InstitutionalDepartmentName": "Imagenologia",
	"DeviceSerialNumber": "42042",
	"StationName": "MR-HSVP-RN",
	"BodyPartExamined": "BRAIN",
	"PatientPosition": "HFS",
	"ProcedureStepDescription": "RESONANCIA_MAGNETICA_DE_CEREBRO",
	"SoftwareVersions": "5.3.1_5.3.1.3",
	"MRAcquisitionType": "2D",
	"SeriesDescription": "REST_300DIN",
	"ProtocolName": "REST_300DIN",
	"ScanningSequence": "GR",
	"SequenceVariant": "SK",
	"ScanOptions": "FS",
	"ImageType": ["ORIGINAL", "PRIMARY", "M", "FFE", "M", "FFE"],
	"SeriesNumber": 601,
	"AcquisitionTime": "09:05:39.540000",
	"AcquisitionNumber": 6,
	"PhilipsRescaleSlope": 0.790476,
	"PhilipsRescaleIntercept": 0,
	"PhilipsScaleSlope": 0.0424229,
	"UsePhilipsFloatNotDisplayScaling": 1,
	"SliceThickness": 3,
	"SpacingBetweenSlices": 3.3,
	"SAR": 0.105332,
	"EchoTime": 0.03,
	"RepetitionTime": 2,
	"FlipAngle": 70,
	"PercentPhaseFOV": 100,
	"EchoTrainLength": 35,
	"PhaseEncodingSteps": 70,
	"AcquisitionMatrixPE": 70,
	"ReconMatrixPE": 112,
	"PixelBandwidth": 2114,
	"PhaseEncodingAxis": "j",
	"ImageOrientationPatientDICOM": [
		0.998226,
		0.0392823,
		0.0447346,
		-0.0412263,
		0.998207,
		0.0433953	],
	"InPlanePhaseEncodingDirectionDICOM": "COL",
	"ConversionSoftware": "dcm2niix",
	"ConversionSoftwareVersion": "v1.0.20180622 (JP2:OpenJPEG) (JP-LS:CharLS) GCC5.5.0"
}
