{
	"Modality": "MR",
	"MagneticFieldStrength": 3,
	"Manufacturer": "Philips",
	"ManufacturersModelName": "Ingenia",
	"InstitutionName": "IATM",
	"InstitutionalDepartmentName": "LA_80",
	"DeviceSerialNumber": "42239",
	"StationName": "PHILIPS-46CDD91",
	"BodyPartExamined": "BRAIN",
	"PatientPosition": "HFS",
	"ProcedureStepDescription": "RM_CEREBRAL_FUNCIONAL_SIMPLE",
	"SoftwareVersions": "4.1.3_4.1.3.3",
	"MRAcquisitionType": "3D",
	"SeriesDescription": "T1_VOL_SAG",
	"ProtocolName": "T1_VOL_SAG_SENSE",
	"ScanningSequence": "GR",
	"SequenceVariant": "MP",
	"ScanOptions": "OTHER",
	"ImageType": ["ORIGINAL", "PRIMARY", "M", "FFE", "M", "FFE"],
	"SeriesNumber": 401,
	"AcquisitionTime": "10:13:23.230000",
	"AcquisitionNumber": 4,
	"PhilipsRescaleSlope": 3.08864,
	"PhilipsRescaleIntercept": 0,
	"PhilipsScaleSlope": 0.0105141,
	"UsePhilipsFloatNotDisplayScaling": 1,
	"SliceThickness": 1,
	"SpacingBetweenSlices": 1,
	"SAR": 0.0231594,
	"EchoTime": 0.003599,
	"RepetitionTime": 0.0078439,
	"FlipAngle": 8,
	"PercentPhaseFOV": 93.75,
	"EchoTrainLength": 123,
	"PhaseEncodingSteps": 256,
	"AcquisitionMatrixPE": 256,
	"ReconMatrixPE": 256,
	"PixelBandwidth": 191,
	"ImageOrientationPatientDICOM": [
		0.04842,
		0.992345,
		0.113605,
		0.021263,
		0.112688,
		-0.993403	],
	"InPlanePhaseEncodingDirectionDICOM": "ROW",
	"ConversionSoftware": "dcm2niix",
	"ConversionSoftwareVersion": "v1.0.20180622 (JP2:OpenJPEG) (JP-LS:CharLS) GCC5.5.0"
}
