{
	"Modality": "MR",
	"MagneticFieldStrength": 3,
	"Manufacturer": "Philips",
	"ManufacturersModelName": "Ingenia",
	"InstitutionName": "Servicios_de_Salud_SVF",
	"InstitutionalDepartmentName": "Imagenologia",
	"DeviceSerialNumber": "42042",
	"StationName": "MR-HSVP-RN",
	"BodyPartExamined": "BRAIN",
	"PatientPosition": "HFS",
	"ProcedureStepDescription": "RESONANCIA_MAGNETICA_DE_CEREBRO",
	"SoftwareVersions": "5.3.1_5.3.1.3",
	"MRAcquisitionType": "3D",
	"SeriesDescription": "T1_VOL_SAG",
	"ProtocolName": "T1_VOL_SAG",
	"ScanningSequence": "GR",
	"SequenceVariant": "MP",
	"ScanOptions": "OTHER",
	"ImageType": ["ORIGINAL", "PRIMARY", "M", "FFE", "M", "FFE"],
	"SeriesNumber": 301,
	"AcquisitionTime": "09:55:18.270000",
	"AcquisitionNumber": 3,
	"PhilipsRescaleSlope": 5.41978,
	"PhilipsRescaleIntercept": 0,
	"PhilipsScaleSlope": 0.00432999,
	"UsePhilipsFloatNotDisplayScaling": 1,
	"SliceThickness": 1,
	"SpacingBetweenSlices": 1,
	"SAR": 0.0233377,
	"EchoTime": 0.003628,
	"RepetitionTime": 0.0078693,
	"FlipAngle": 8,
	"PercentPhaseFOV": 98.75,
	"EchoTrainLength": 123,
	"PhaseEncodingSteps": 248,
	"AcquisitionMatrixPE": 248,
	"ReconMatrixPE": 320,
	"PixelBandwidth": 192,
	"ImageOrientationPatientDICOM": [
		-0.0641107,
		0.978141,
		0.197813,
		0.00917469,
		0.19879,
		-0.979999	],
	"InPlanePhaseEncodingDirectionDICOM": "ROW",
	"ConversionSoftware": "dcm2niix",
	"ConversionSoftwareVersion": "v1.0.20180622 (JP2:OpenJPEG) (JP-LS:CharLS) GCC5.5.0"
}
