{
	"Modality": "MR",
	"MagneticFieldStrength": 3,
	"Manufacturer": "Philips",
	"ManufacturersModelName": "Ingenia",
	"InstitutionName": "IATM",
	"InstitutionalDepartmentName": "LA_80",
	"DeviceSerialNumber": "42239",
	"StationName": "PHILIPS-46CDD91",
	"BodyPartExamined": "BRAIN",
	"PatientPosition": "HFS",
	"ProcedureStepDescription": "RM_CRANEO_FUNCIONAL",
	"SoftwareVersions": "4.1.3_4.1.3.3",
	"MRAcquisitionType": "3D",
	"SeriesDescription": "T1_VOL_SAG",
	"ProtocolName": "T1_VOL_SAG_SENSE",
	"ScanningSequence": "GR",
	"SequenceVariant": "MP",
	"ScanOptions": "OTHER",
	"ImageType": ["ORIGINAL", "PRIMARY", "M", "FFE", "M", "FFE"],
	"SeriesNumber": 301,
	"AcquisitionTime": "11:14:48.670000",
	"AcquisitionNumber": 3,
	"PhilipsRescaleSlope": 2.74896,
	"PhilipsRescaleIntercept": 0,
	"PhilipsScaleSlope": 0.0113168,
	"UsePhilipsFloatNotDisplayScaling": 1,
	"SliceThickness": 1,
	"SpacingBetweenSlices": 1,
	"SAR": 0.0231594,
	"EchoTime": 0.003594,
	"RepetitionTime": 0.0078086,
	"FlipAngle": 8,
	"PercentPhaseFOV": 98.4375,
	"EchoTrainLength": 123,
	"PhaseEncodingSteps": 244,
	"AcquisitionMatrixPE": 244,
	"ReconMatrixPE": 256,
	"PixelBandwidth": 191,
	"ImageOrientationPatientDICOM": [
		0.00125284,
		0.993253,
		0.115959,
		0.0129496,
		0.115933,
		-0.993173	],
	"InPlanePhaseEncodingDirectionDICOM": "ROW",
	"ConversionSoftware": "dcm2niix",
	"ConversionSoftwareVersion": "v1.0.20180622 (JP2:OpenJPEG) (JP-LS:CharLS) GCC5.5.0"
}
