{
	"Modality": "MR",
	"MagneticFieldStrength": 3,
	"Manufacturer": "Philips",
	"ManufacturersModelName": "Ingenia",
	"InstitutionName": "IATM",
	"InstitutionalDepartmentName": "LA_80",
	"DeviceSerialNumber": "42239",
	"StationName": "PHILIPS-46CDD91",
	"BodyPartExamined": "BRAIN",
	"PatientPosition": "HFS",
	"ProcedureStepDescription": "RESONANCIA_MAGNETICA_CEREBRAL_FUNCIONAL",
	"SoftwareVersions": "4.1.3_4.1.3.3",
	"MRAcquisitionType": "3D",
	"SeriesDescription": "T1_VOL_SAG",
	"ProtocolName": "T1_VOL_SAG_SENSE",
	"ScanningSequence": "GR",
	"SequenceVariant": "MP",
	"ImageType": ["ORIGINAL", "PRIMARY", "M", "FFE", "M", "FFE"],
	"SeriesNumber": 301,
	"AcquisitionTime": "11:14:47.640000",
	"AcquisitionNumber": 3,
	"PhilipsRescaleSlope": 3.27326,
	"PhilipsRescaleIntercept": 0,
	"PhilipsScaleSlope": 0.0113208,
	"UsePhilipsFloatNotDisplayScaling": 1,
	"SliceThickness": 1,
	"SpacingBetweenSlices": 1,
	"EchoTime": 0.003594,
	"RepetitionTime": 0.0078164,
	"FlipAngle": 8,
	"PercentPhaseFOV": 93.75,
	"EchoTrainLength": 123,
	"PhaseEncodingSteps": 256,
	"AcquisitionMatrixPE": 256,
	"ReconMatrixPE": 256,
	"PixelBandwidth": 191.483,
	"ImageOrientationPatientDICOM": [
		-0.0204551,
		0.992605,
		0.119652,
		-0.00705994,
		0.119531,
		-0.992805	],
	"InPlanePhaseEncodingDirectionDICOM": "ROW",
	"ConversionSoftware": "dcm2niix",
	"ConversionSoftwareVersion": "v1.0.20180622 (JP2:OpenJPEG) (JP-LS:CharLS) GCC5.5.0"
}
