{
	"Modality": "MR",
	"MagneticFieldStrength": 3,
	"Manufacturer": "Philips",
	"ManufacturersModelName": "Ingenia",
	"InstitutionName": "Servicios_de_Salud_SVF",
	"InstitutionalDepartmentName": "Imagenologia",
	"DeviceSerialNumber": "42042",
	"StationName": "MR-HSVP-RN",
	"BodyPartExamined": "BRAIN",
	"PatientPosition": "HFS",
	"ProcedureStepDescription": "RM_CRANEO_FUNCIONAL",
	"SoftwareVersions": "5.3.1_5.3.1.3",
	"MRAcquisitionType": "3D",
	"SeriesDescription": "T1_VOL_SAG",
	"ProtocolName": "T1_VOL_SAG",
	"ScanningSequence": "GR",
	"SequenceVariant": "MP",
	"ScanOptions": "OTHER",
	"ImageType": ["ORIGINAL", "PRIMARY", "M", "FFE", "M", "FFE"],
	"SeriesNumber": 201,
	"AcquisitionTime": "09:25:30.600000",
	"AcquisitionNumber": 2,
	"PhilipsRescaleSlope": 6.01441,
	"PhilipsRescaleIntercept": 0,
	"PhilipsScaleSlope": 0.00422009,
	"UsePhilipsFloatNotDisplayScaling": 1,
	"SliceThickness": 1,
	"SpacingBetweenSlices": 1,
	"SAR": 0.0231595,
	"EchoTime": 0.003637,
	"RepetitionTime": 0.0079076,
	"FlipAngle": 8,
	"PercentPhaseFOV": 98.6111,
	"EchoTrainLength": 123,
	"PhaseEncodingSteps": 249,
	"AcquisitionMatrixPE": 249,
	"ReconMatrixPE": 288,
	"PixelBandwidth": 191,
	"ImageOrientationPatientDICOM": [
		-0.0311261,
		0.993765,
		0.107067,
		-0.0938757,
		0.103739,
		-0.990164	],
	"InPlanePhaseEncodingDirectionDICOM": "ROW",
	"ConversionSoftware": "dcm2niix",
	"ConversionSoftwareVersion": "v1.0.20180622 (JP2:OpenJPEG) (JP-LS:CharLS) GCC5.5.0"
}
