{
	"Modality": "MR",
	"MagneticFieldStrength": 3,
	"Manufacturer": "Philips",
	"ManufacturersModelName": "Ingenia",
	"InstitutionName": "San_Vicente_Fundacion",
	"InstitutionalDepartmentName": "Imagenologia",
	"DeviceSerialNumber": "42042",
	"StationName": "RM_3T_RN",
	"BodyPartExamined": "BRAIN",
	"PatientPosition": "HFS",
	"ProcedureStepDescription": "RESONANCIA_MAGNETICA_DE_CEREBRO",
	"SoftwareVersions": "5.3.1_5.3.1.4",
	"MRAcquisitionType": "3D",
	"SeriesDescription": "T1_VOL_SAG",
	"ProtocolName": "T1_VOL_SAG",
	"ScanningSequence": "GR",
	"SequenceVariant": "MP",
	"ScanOptions": "OTHER",
	"ImageType": ["ORIGINAL", "PRIMARY", "M", "FFE", "M", "FFE"],
	"SeriesNumber": 201,
	"AcquisitionTime": "16:30:4.310000",
	"AcquisitionNumber": 2,
	"PhilipsRescaleSlope": 6.56361,
	"PhilipsRescaleIntercept": 0,
	"PhilipsScaleSlope": 0.00396741,
	"UsePhilipsFloatNotDisplayScaling": 1,
	"SliceThickness": 1,
	"SpacingBetweenSlices": 1,
	"SAR": 0.0231595,
	"EchoTime": 0.003595,
	"RepetitionTime": 0.0078131,
	"FlipAngle": 8,
	"PercentPhaseFOV": 98.6111,
	"EchoTrainLength": 123,
	"PhaseEncodingSteps": 249,
	"AcquisitionMatrixPE": 249,
	"ReconMatrixPE": 288,
	"PixelBandwidth": 191,
	"ImageOrientationPatientDICOM": [
		0.00801529,
		0.993544,
		0.113166,
		0.0136728,
		0.11305,
		-0.993495	],
	"InPlanePhaseEncodingDirectionDICOM": "ROW",
	"ConversionSoftware": "dcm2niix",
	"ConversionSoftwareVersion": "v1.0.20180622 (JP2:OpenJPEG) (JP-LS:CharLS) GCC5.5.0"
}
