{
	"Modality": "MR",
	"MagneticFieldStrength": 3,
	"Manufacturer": "Philips",
	"ManufacturersModelName": "Ingenia",
	"InstitutionName": "San_Vicente_Fundacion",
	"InstitutionalDepartmentName": "Imagenologia",
	"DeviceSerialNumber": "42042",
	"StationName": "RM_3T_RN",
	"BodyPartExamined": "BRAIN",
	"PatientPosition": "HFS",
	"ProcedureStepDescription": "RESONANCIA_MAGNETICA_DE_CEREBRO",
	"SoftwareVersions": "5.3.1_5.3.1.4",
	"MRAcquisitionType": "2D",
	"SeriesDescription": "REST_300DIN",
	"ProtocolName": "WIP_REST_300DIN",
	"ScanningSequence": "GR",
	"SequenceVariant": "SK",
	"ScanOptions": "FS",
	"ImageType": ["ORIGINAL", "PRIMARY", "M", "FFE", "M", "FFE"],
	"SeriesNumber": 701,
	"AcquisitionTime": "14:40:15.250000",
	"AcquisitionNumber": 7,
	"PhilipsRescaleSlope": 2.01587,
	"PhilipsRescaleIntercept": 0,
	"PhilipsScaleSlope": 0.019498,
	"UsePhilipsFloatNotDisplayScaling": 1,
	"SliceThickness": 3,
	"SpacingBetweenSlices": 3.3,
	"SAR": 0.953285,
	"EchoTime": 0.03,
	"RepetitionTime": 2,
	"FlipAngle": 70,
	"PercentPhaseFOV": 100,
	"EchoTrainLength": 35,
	"PhaseEncodingSteps": 70,
	"AcquisitionMatrixPE": 70,
	"ReconMatrixPE": 112,
	"PixelBandwidth": 2111,
	"PhaseEncodingAxis": "j",
	"ImageOrientationPatientDICOM": [
		0.99838,
		0.0524392,
		-0.0220827,
		-0.0539698,
		0.995675,
		-0.0756215	],
	"InPlanePhaseEncodingDirectionDICOM": "COL",
	"ConversionSoftware": "dcm2niix",
	"ConversionSoftwareVersion": "v1.0.20180622 (JP2:OpenJPEG) (JP-LS:CharLS) GCC5.5.0"
}
