{
	"Modality": "MR",
	"MagneticFieldStrength": 3,
	"Manufacturer": "Philips",
	"ManufacturersModelName": "Ingenia",
	"InstitutionName": "Servicios_de_Salud_SVF",
	"InstitutionalDepartmentName": "Imagenologia",
	"DeviceSerialNumber": "42042",
	"StationName": "RM_3T_RN",
	"BodyPartExamined": "BRAIN",
	"PatientPosition": "HFS",
	"ProcedureStepDescription": "RESONANCIA_MAGNETICA_DE_CRANEO_S",
	"SoftwareVersions": "5.3.1_5.3.1.4",
	"MRAcquisitionType": "3D",
	"SeriesDescription": "T1_VOL_SAG",
	"ProtocolName": "T1_VOL_SAG",
	"ScanningSequence": "GR",
	"SequenceVariant": "MP",
	"ScanOptions": "OTHER",
	"ImageType": ["ORIGINAL", "PRIMARY", "M", "FFE", "M", "FFE"],
	"SeriesNumber": 201,
	"AcquisitionTime": "08:38:12.030000",
	"AcquisitionNumber": 2,
	"PhilipsRescaleSlope": 5.68132,
	"PhilipsRescaleIntercept": 0,
	"PhilipsScaleSlope": 0.00356895,
	"UsePhilipsFloatNotDisplayScaling": 1,
	"SliceThickness": 1,
	"SpacingBetweenSlices": 1,
	"SAR": 0.0231595,
	"EchoTime": 0.003603,
	"RepetitionTime": 0.0078484,
	"FlipAngle": 8,
	"PercentPhaseFOV": 98.6111,
	"EchoTrainLength": 123,
	"PhaseEncodingSteps": 249,
	"AcquisitionMatrixPE": 249,
	"ReconMatrixPE": 288,
	"PixelBandwidth": 191,
	"ImageOrientationPatientDICOM": [
		-0.0538469,
		0.992148,
		0.112883,
		0.0189972,
		0.114045,
		-0.993294	],
	"InPlanePhaseEncodingDirectionDICOM": "ROW",
	"ConversionSoftware": "dcm2niix",
	"ConversionSoftwareVersion": "v1.0.20180622 (JP2:OpenJPEG) (JP-LS:CharLS) GCC5.5.0"
}
